GEM
  remote: http://rubygems.org/
  specs:
    activesupport (3.0.7)
    builder (2.1.2)
    configuration (1.2.0)
    crack (0.1.8)
    daemons (1.1.3)
    eventmachine (0.12.10)
    haml (3.1.1)
    heroku (2.1.4)
      launchy (>= 0.3.2)
      rest-client (~> 1.6.1)
      term-ansicolor (~> 1.0.5)
    httparty (0.7.7)
      crack (= 0.1.8)
    i18n (0.5.0)
    launchy (0.4.0)
      configuration (>= 0.0.5)
      rake (>= 0.8.1)
    mime-types (1.16)
    oauth (0.4.4)
    rack (1.2.2)
    rake (0.8.7)
    redis (2.2.0)
    rest-client (1.6.1)
      mime-types (>= 1.16)
    sinatra (1.2.6)
      rack (~> 1.1)
      tilt (< 2.0, >= 1.2.2)
    term-ansicolor (1.0.5)
    thin (1.2.11)
      daemons (>= 1.0.9)
      eventmachine (>= 0.12.6)
      rack (>= 1.0.0)
    tilt (1.3)
    twilio (3.0.1)
      builder (~> 2.1.2)
      httparty (~> 0.7.4)

PLATFORMS
  ruby

DEPENDENCIES
  activesupport
  haml
  heroku
  i18n
  oauth
  redis
  sinatra
  thin
  twilio
